GEM
  remote: http://rubygems.org/
  specs:
<<<<<<< HEAD
<<<<<<< HEAD
    ZenTest (4.6.0)
=======
    ZenTest (4.5.0)
>>>>>>> Added a bunch o features and test suite setups
    amqp (0.6.7)
      eventmachine (>= 0.12.4)
    autotest (4.4.6)
      ZenTest (>= 4.4.1)
<<<<<<< HEAD
    bert (1.1.2)
    builder (3.0.0)
    carrot (0.8.1)
    colored (1.2)
    cucumber (1.0.2)
=======
=======
>>>>>>> Added a bunch o features and test suite setups
    bert (1.1.2)
    builder (3.0.0)
    colored (1.2)
    cucumber (1.0.1)
>>>>>>> Added starts of support for cucumber/rspec/autotest
      builder (>= 2.1.2)
      diff-lcs (>= 1.1.2)
      gherkin (~> 2.4.5)
      json (>= 1.4.6)
      term-ansicolor (>= 1.0.5)
    daemons (1.1.4)
    diff-lcs (1.1.2)
    escape (0.0.4)
    eventmachine (0.12.10)
<<<<<<< HEAD
<<<<<<< HEAD
    facets (2.7.0)
=======
    facets (2.9.1)
>>>>>>> Added starts of support for cucumber/rspec/autotest
=======
    facets (2.7.0)
>>>>>>> Added a bunch o features and test suite setups
    fastthread (1.0.7)
    gherkin (2.4.5)
      json (>= 1.4.6)
    inifile (0.4.1)
    json (1.5.3)
    macaddr (1.0.0)
    monitor (0.1.3)
      sinatra
      unroller
    mq (0.1.3)
    quality_extensions (1.3.0)
<<<<<<< HEAD
    rack (1.3.2)
    rcov (0.9.10)
=======
    rack (1.3.1)
<<<<<<< HEAD
>>>>>>> Added starts of support for cucumber/rspec/autotest
=======
    rcov (0.9.9)
>>>>>>> Added a bunch o features and test suite setups
    rspec (2.6.0)
      rspec-core (~> 2.6.0)
      rspec-expectations (~> 2.6.0)
      rspec-mocks (~> 2.6.0)
    rspec-core (2.6.4)
    rspec-expectations (2.6.0)
      diff-lcs (~> 1.1.2)
    rspec-mocks (2.6.0)
<<<<<<< HEAD
<<<<<<< HEAD
    servolux (0.9.6)
    sinatra (1.2.6)
      rack (~> 1.1)
      tilt (< 2.0, >= 1.2.2)
    sys-cpu (0.6.3)
    term-ansicolor (1.0.6)
=======
=======
    servolux (0.9.6)
>>>>>>> Added a bunch o features and test suite setups
    sinatra (1.2.6)
      rack (~> 1.1)
      tilt (< 2.0, >= 1.2.2)
    term-ansicolor (1.0.5)
<<<<<<< HEAD
>>>>>>> Added starts of support for cucumber/rspec/autotest
=======
    termios (0.9.4)
>>>>>>> Added a bunch o features and test suite setups
    tilt (1.3.2)
    unroller (1.0.0)
      colored
      facets (>= 2.4.1)
      quality_extensions (>= 1.1.2)
<<<<<<< HEAD
    uuid (2.3.3)
=======
    uuid (2.3.2)
>>>>>>> Added starts of support for cucumber/rspec/autotest
      macaddr (~> 1.0)
    work_queue (1.0.0)

PLATFORMS
  ruby

DEPENDENCIES
<<<<<<< HEAD
<<<<<<< HEAD
=======
>>>>>>> Added a bunch o features and test suite setups
  ZenTest
  amqp (= 0.6.7)
  autotest
  bert
  carrot (~> 0.8.1)
=======
  bert
>>>>>>> Added starts of support for cucumber/rspec/autotest
  cucumber
  daemons
  escape
  eventmachine
<<<<<<< HEAD
<<<<<<< HEAD
  facets (~> 2.7.0)
=======
>>>>>>> Added starts of support for cucumber/rspec/autotest
=======
  facets (~> 2.7.0)
>>>>>>> Added a bunch o features and test suite setups
  fastthread
  inifile
  monitor
  mq
<<<<<<< HEAD
<<<<<<< HEAD
  rcov
  rspec
  servolux
  sys-cpu (>= 0.6.2)
=======
  rspec
>>>>>>> Added starts of support for cucumber/rspec/autotest
=======
  rcov
  rspec
  servolux
  termios
>>>>>>> Added a bunch o features and test suite setups
  uuid
  work_queue
