GEM
  remote: http://rubygems.org/
  specs:
    ZenTest (4.5.0)
    amqp (0.6.7)
      eventmachine (>= 0.12.4)
    autotest (4.4.6)
      ZenTest (>= 4.4.1)
    bert (1.1.2)
    builder (3.0.0)
    colored (1.2)
    cucumber (1.0.1)
      builder (>= 2.1.2)
      diff-lcs (>= 1.1.2)
      gherkin (~> 2.4.5)
      json (>= 1.4.6)
      term-ansicolor (>= 1.0.5)
    daemons (1.1.4)
    diff-lcs (1.1.2)
    escape (0.0.4)
    eventmachine (0.12.10)
    facets (2.7.0)
    fastthread (1.0.7)
    gherkin (2.4.5)
      json (>= 1.4.6)
    inifile (0.4.1)
    json (1.5.3)
    macaddr (1.0.0)
    monitor (0.1.3)
      sinatra
      unroller
    mq (0.1.3)
    quality_extensions (1.3.0)
    rack (1.3.1)
    rcov (0.9.9)
    rspec (2.6.0)
      rspec-core (~> 2.6.0)
      rspec-expectations (~> 2.6.0)
      rspec-mocks (~> 2.6.0)
    rspec-core (2.6.4)
    rspec-expectations (2.6.0)
      diff-lcs (~> 1.1.2)
    rspec-mocks (2.6.0)
    servolux (0.9.6)
    sinatra (1.2.6)
      rack (~> 1.1)
      tilt (< 2.0, >= 1.2.2)
    term-ansicolor (1.0.5)
    termios (0.9.4)
    tilt (1.3.2)
    unroller (1.0.0)
      colored
      facets (>= 2.4.1)
      quality_extensions (>= 1.1.2)
    uuid (2.3.2)
      macaddr (~> 1.0)
    work_queue (1.0.0)

PLATFORMS
  ruby

DEPENDENCIES
  ZenTest
  amqp (= 0.6.7)
  autotest
  bert
  cucumber
  daemons
  escape
  eventmachine
  facets (~> 2.7.0)
  fastthread
  inifile
  monitor
  mq
  rcov
  rspec
  servolux
  termios
  uuid
  work_queue
